PATH
  remote: .
  specs:
    micrograd (0.1.0)

GEM
  remote: https://rubygems.org/
  specs:
    minitest (5.21.2)
    rake (13.1.0)

PLATFORMS
  ruby
  x86_64-darwin-23

DEPENDENCIES
  micrograd!
  minitest (~> 5.16)
  rake (~> 13.0)

BUNDLED WITH
   2.5.4
